PATH
  remote: .
  specs:
    juicer (1.2.4)
      cmdparse
      nokogiri (>= 1.5.0)
      rubyzip (= 0.9.9)

GEM
  remote: http://rubygems.org/
  specs:
    activesupport (3.2.8)
      i18n (~> 0.6)
      multi_json (~> 1.0)
    cmdparse (3.0.3)
    fakefs (0.4.0)
    git (1.2.5)
    i18n (0.6.1)
    jeweler (1.8.4)
      bundler (~> 1.0)
      git (>= 1.2.5)
      rake
      rdoc
    json (1.7.5)
    metaclass (0.0.1)
    mini_portile2 (2.3.0)
    mocha (0.12.7)
      metaclass (~> 0.0.1)
    multi_json (1.3.6)
    nokogiri (1.8.2)
      mini_portile2 (~> 2.3.0)
    nokogiri (1.8.2-x86-mingw32)
      mini_portile2 (~> 2.3.0)
    rake (0.9.2.2)
    rdoc (3.12)
      json (~> 1.4)
    redgreen (1.2.2)
    rubyzip (0.9.9)
    shoulda (3.3.0)
      shoulda-context (~> 1.0)
      shoulda-matchers (~> 1.4)
    shoulda-context (1.0.0)
    shoulda-matchers (1.4.0)
      activesupport (>= 3.0.0)

PLATFORMS
  ruby
  x86-mingw32

DEPENDENCIES
  fakefs (>= 0.2.1)
  jeweler (>= 0.2.1)
  juicer!
  mocha (>= 0.9.8)
  redgreen (>= 1.2.2)
  shoulda (>= 2.10.2)
